GEM
  remote: https://rubygems.org/
  specs:
    minitest (5.15.0)
    polyglot (0.3.5)
    rake (13.0.6)
    rufo (0.16.3)
    treetop (1.6.11)
      polyglot (~> 0.3)

PLATFORMS
  x86_64-linux

DEPENDENCIES
  minitest (~> 5.15)
  rake (~> 13.0)
  rufo (~> 0.16.0)
  treetop (~> 1.6)

BUNDLED WITH
   2.2.22
