GEM
  remote: https://rubygems.org/
  specs:
    minitest (5.22.3)
    polyglot (0.3.5)
    rake (13.2.0)
    rufo (0.17.1)
    treetop (1.6.12)
      polyglot (~> 0.3)

PLATFORMS
  x86_64-linux

DEPENDENCIES
  minitest (~> 5.15)
  rake (~> 13.0)
  rufo (~> 0.17.0)
  treetop (~> 1.6)

BUNDLED WITH
   2.2.22
